PATH
  remote: .
  specs:
    values_at_nested (2.0.0)

GEM
  remote: https://rubygems.org/
  specs:
    codeclimate-test-reporter (1.0.7)
      simplecov
    diff-lcs (1.4.4)
    docile (1.4.0)
    rake (13.0.6)
    rspec (3.10.0)
      rspec-core (~> 3.10.0)
      rspec-expectations (~> 3.10.0)
      rspec-mocks (~> 3.10.0)
    rspec-core (3.10.1)
      rspec-support (~> 3.10.0)
    rspec-expectations (3.10.1)
      diff-lcs (>= 1.2.0, < 2.0)
      rspec-support (~> 3.10.0)
    rspec-mocks (3.10.2)
      diff-lcs (>= 1.2.0, < 2.0)
      rspec-support (~> 3.10.0)
    rspec-support (3.10.2)
    simplecov (0.21.2)
      docile (~> 1.1)
      simplecov-html (~> 0.11)
      simplecov_json_formatter (~> 0.1)
    simplecov-html (0.12.3)
    simplecov_json_formatter (0.1.3)

PLATFORMS
  x86_64-darwin-17

DEPENDENCIES
  bundler (~> 2.2)
  codeclimate-test-reporter (~> 1.0)
  rake (~> 13.0)
  rspec (~> 3.0)
  simplecov (~> 0.21.0)
  values_at_nested!

BUNDLED WITH
   2.2.20
